GIT
  remote: git://github.com/jedi4ever/veewee.git
  revision: 3138dcc77146fdee50ce69f364a2b9a5b2fdfe8d
  specs:
    veewee (0.3.7)
      ansi (~> 1.3.0)
      childprocess
      fission (= 0.4.0)
      fog (~> 1.8)
      grit
      highline
      i18n
      net-ssh (~> 2.2.0)
      popen4 (~> 0.1.2)
      progressbar
      ruby-vnc (~> 1.0.0)
      thor (~> 0.15)

GEM
  remote: https://rubygems.org/
  specs:
    CFPropertyList (2.0.17)
      libxml-ruby (>= 1.1.0)
      rake (>= 0.7.0)
    Platform (0.4.0)
    ansi (1.3.0)
    builder (3.2.0)
    childprocess (0.3.8)
      ffi (~> 1.0, >= 1.0.11)
    diff-lcs (1.2.1)
    excon (0.19.1)
    ffi (1.4.0)
    fission (0.4.0)
      CFPropertyList (~> 2.0.17)
    fog (1.9.0)
      builder
      excon (~> 0.14)
      formatador (~> 0.2.0)
      mime-types
      multi_json (~> 1.0)
      net-scp (~> 1.0.4)
      net-ssh (>= 2.1.3)
      nokogiri (~> 1.5.0)
      ruby-hmac
    formatador (0.2.4)
    grit (2.5.0)
      diff-lcs (~> 1.1)
      mime-types (~> 1.15)
      posix-spawn (~> 0.3.6)
    highline (1.6.15)
    i18n (0.6.4)
    libxml-ruby (2.6.0)
    mime-types (1.21)
    multi_json (1.6.1)
    net-scp (1.0.4)
      net-ssh (>= 1.99.1)
    net-ssh (2.2.2)
    nokogiri (1.5.6)
    open4 (1.3.0)
    popen4 (0.1.2)
      Platform (>= 0.4.0)
      open4 (>= 0.4.0)
    posix-spawn (0.3.6)
    progressbar (0.20.0)
    rake (10.0.3)
    ruby-hmac (0.4.0)
    ruby-vnc (1.0.1)
    thor (0.17.0)

PLATFORMS
  ruby

DEPENDENCIES
  veewee!
